PATH
  remote: .
  specs:
    em-resque (1.1.0)
      em-hiredis (~> 0.1.0)
      em-synchrony (~> 1.0.0)
      resque (~> 1.2)

GEM
  remote: http://rubygems.org/
  specs:
    em-hiredis (0.1.1)
      hiredis (~> 0.4.0)
    em-synchrony (1.0.2)
      eventmachine (>= 1.0.0.beta.1)
    eventmachine (1.0.0.rc.4)
    hiredis (0.4.5)
    i18n (0.6.0)
    json (1.5.4)
    leftright (0.9.1)
    mocha (0.9.12)
    multi_json (1.3.6)
    rack (1.4.1)
    rack-protection (1.2.0)
      rack
    rack-test (0.6.1)
      rack (>= 1.0)
    rake (0.9.2.2)
    redis (3.0.1)
    redis-namespace (1.2.1)
      redis (~> 3.0.0)
    resque (1.22.0)
      multi_json (~> 1.0)
      redis-namespace (~> 1.0)
      sinatra (>= 0.9.2)
      vegas (~> 0.1.2)
    sinatra (1.3.3)
      rack (~> 1.3, >= 1.3.6)
      rack-protection (~> 1.2)
      tilt (~> 1.3, >= 1.3.3)
    tilt (1.3.3)
    vegas (0.1.11)
      rack (>= 1.0.0)
    yajl-ruby (0.8.3)

PLATFORMS
  ruby

DEPENDENCIES
  em-hiredis
  em-resque!
  em-synchrony
  i18n
  json (~> 1.5.3)
  leftright
  mocha (~> 0.9.7)
  rack-test (~> 0.5)
  rake
  yajl-ruby (~> 0.8.2)
