PATH
  remote: .
  specs:
    em-resque (1.1.0)
      em-synchrony (~> 1.0.0)
      resque (~> 1.2)

GEM
  remote: https://rubygems.org/
  specs:
    em-synchrony (1.0.3)
      eventmachine (>= 1.0.0.beta.1)
    eventmachine (1.0.7)
    i18n (0.6.11)
    json (1.5.5)
    leftright (0.9.1)
    mocha (0.9.12)
    mono_logger (1.1.0)
    multi_json (1.10.1)
    rack (1.5.2)
    rack-protection (1.5.2)
      rack
    rack-test (0.6.2)
      rack (>= 1.0)
    rake (10.3.2)
    redis (3.1.0)
    redis-namespace (1.5.1)
      redis (~> 3.0, >= 3.0.4)
    resque (1.24.1)
      mono_logger (~> 1.0)
      multi_json (~> 1.0)
      redis-namespace (~> 1.2)
      sinatra (>= 0.9.2)
      vegas (~> 0.1.2)
    sinatra (1.4.4)
      rack (~> 1.4)
      rack-protection (~> 1.4)
      tilt (~> 1.3, >= 1.3.4)
    test-unit (2.5.5)
    tilt (1.4.1)
    vegas (0.1.11)
      rack (>= 1.0.0)

PLATFORMS
  ruby

DEPENDENCIES
  em-resque!
  em-synchrony
  i18n
  json (~> 1.5.3)
  leftright
  mocha (~> 0.9.7)
  rack-test (~> 0.5)
  rake
  test-unit
